GEM
  remote: https://rubygems.org/
  specs:
    md2review (1.7.0)
      redcarpet (> 2.0.0)
    rake (11.3.0)
    redcarpet (3.3.4)
    review (2.1.0)
      rubyzip
    rubyzip (2.3.2)

PLATFORMS
  ruby

DEPENDENCIES
  md2review
  rake
  review (= 2.1.0)

BUNDLED WITH
   1.12.5
